GEM
  remote: https://rubygems.org/
  specs:
    colorize (0.8.1)
    excon (0.91.0)
    logger (1.5.0)
    optparse (0.2.0)

PLATFORMS
  ruby
  x64-mingw32

DEPENDENCIES
  colorize (~> 0.8.1)
  excon (~> 0.91.0)
  logger (~> 1.5)
  optparse (~> 0.2.0)

BUNDLED WITH
   2.1.4
